PATH
  remote: .
  specs:
    rack-heroku-no-such-app (0.1.0)
      rack (~> 2.0, >= 2.0.6)

GEM
  remote: https://rubygems.org/
  specs:
    rack (2.0.7)
    rack-test (1.1.0)
      rack (>= 1.0, < 3)
    rake (12.3.2)

PLATFORMS
  ruby

DEPENDENCIES
  rack-heroku-no-such-app!
  rack-test
  rake

BUNDLED WITH
   2.0.1
